GEM
  remote: https://rubygems.org/
  specs:
    addressable (2.8.0)
      public_suffix (>= 2.0.2, < 5.0)
    ffi (1.11.1)
    hid_api (0.1.1)
      ffi (~> 1.9)
    highline (2.0.2)
    launchy (2.4.3)
      addressable (~> 2.3)
    mustermann (1.1.1)
      ruby2_keywords (~> 0.0.1)
    options (2.3.2)
    progress_bar (1.3.0)
      highline (>= 1.6, < 3)
      options (~> 2.3.0)
    public_suffix (4.0.6)
    rack (2.2.3)
    rack-protection (2.2.0)
      rack
    ruby2_keywords (0.0.5)
    sinatra (2.2.0)
      mustermann (~> 1.0)
      rack (~> 2.2)
      rack-protection (= 2.2.0)
      tilt (~> 2.0)
    terminal-table (1.8.0)
      unicode-display_width (~> 1.1, >= 1.1.1)
    tilt (2.0.10)
    unicode-display_width (1.6.0)

PLATFORMS
  ruby

DEPENDENCIES
  hid_api
  launchy
  progress_bar
  sinatra
  terminal-table

BUNDLED WITH
   2.0.2
