GEM
  remote: https://rubygems.org/
  specs:
    ffi (1.11.1)
    hid_api (0.1.1)
      ffi (~> 1.9)
    highline (2.0.2)
    mustermann (1.0.3)
    options (2.3.2)
    progress_bar (1.3.0)
      highline (>= 1.6, < 3)
      options (~> 2.3.0)
    rack (2.0.7)
    rack-protection (2.0.7)
      rack
    sinatra (2.0.7)
      mustermann (~> 1.0)
      rack (~> 2.0)
      rack-protection (= 2.0.7)
      tilt (~> 2.0)
    terminal-table (1.8.0)
      unicode-display_width (~> 1.1, >= 1.1.1)
    tilt (2.0.10)
    unicode-display_width (1.6.0)

PLATFORMS
  ruby

DEPENDENCIES
  hid_api
  progress_bar
  sinatra
  terminal-table

BUNDLED WITH
   2.0.2
